PATH
  remote: .
  specs:
    api-twister (0.0.1)
      activesupport (>= 2.1.0)
      i18n

GEM
  remote: http://rubygems.org/
  specs:
    activesupport (3.0.3)
    i18n (0.5.0)
    mocha (0.9.10)
      rake
    rake (0.8.7)
    shoulda (2.11.3)
    test-unit (2.1.2)

PLATFORMS
  ruby

DEPENDENCIES
  activesupport (>= 2.1.0)
  api-twister!
  i18n
  mocha
  shoulda
  test-unit
