PATH
  remote: .
  specs:
    api-twister (0.0.1)
      activesupport (>= 2.1.0)

GEM
  remote: http://rubygems.org/
  specs:
    activesupport (3.0.3)
    shoulda (2.11.3)
    test-unit (2.1.2)

PLATFORMS
  ruby

DEPENDENCIES
  activesupport (>= 2.1.0)
  api-twister!
  shoulda
  test-unit
